PATH
  remote: .
  specs:
    webbed (0.1.1)
      addressable (~> 2.2)

GEM
  remote: http://rubygems.org/
  specs:
    addressable (2.2.2)
    derickbailey-notamock (0.0.1)
      rspec (>= 1.2.9)
    diff-lcs (1.1.2)
    fuubar (0.0.2)
      rspec (~> 2.0)
      rspec-instafail (~> 0.1.4)
      ruby-progressbar (~> 0.0.9)
    rspec (2.1.0)
      rspec-core (~> 2.1.0)
      rspec-expectations (~> 2.1.0)
      rspec-mocks (~> 2.1.0)
    rspec-core (2.1.0)
    rspec-expectations (2.1.0)
      diff-lcs (~> 1.1.2)
    rspec-instafail (0.1.4)
    rspec-mocks (2.1.0)
    ruby-progressbar (0.0.9)

PLATFORMS
  ruby

DEPENDENCIES
  addressable (~> 2.2)
  derickbailey-notamock (~> 0.0.1)
  fuubar (~> 0.0.2)
  rspec (~> 2.0)
  webbed!
