PATH
  remote: .
  specs:
    webbed (0.3.0)
      addressable

GEM
  remote: http://rubygems.org/
  specs:
    addressable (2.2.7)
    diff-lcs (1.1.3)
    rake (0.9.2.2)
    rspec (2.9.0)
      rspec-core (~> 2.9.0)
      rspec-expectations (~> 2.9.0)
      rspec-mocks (~> 2.9.0)
    rspec-core (2.9.0)
    rspec-expectations (2.9.0)
      diff-lcs (~> 1.1.3)
    rspec-mocks (2.9.0)

PLATFORMS
  ruby

DEPENDENCIES
  bundler
  rake
  rspec
  webbed!
