PATH
  remote: .
  specs:
    webbed (0.1.1)
      addressable (~> 2.2)

GEM
  remote: http://rubygems.org/
  specs:
    ZenTest (4.5.0)
    addressable (2.2.5)
    autotest (4.4.6)
      ZenTest (>= 4.4.1)
    maruku (0.6.0)
      syntax (>= 1.0.0)
    minitest (2.0.2)
    mocha (0.9.12)
    syntax (1.0.0)

PLATFORMS
  ruby

DEPENDENCIES
  autotest (~> 4.4)
  maruku (~> 0.6)
  minitest (~> 2.0)
  mocha (~> 0.9)
  webbed!
