PATH
  remote: .
  specs:
    webbed (0.1.1)
      addressable (~> 2.2)

GEM
  remote: http://rubygems.org/
  specs:
    addressable (2.2.2)
    diff-lcs (1.1.2)
    fuubar (0.0.3)
      rspec (~> 2.0)
      rspec-instafail (~> 0.1.4)
      ruby-progressbar (~> 0.0.9)
    rspec (2.2.0)
      rspec-core (~> 2.2)
      rspec-expectations (~> 2.2)
      rspec-mocks (~> 2.2)
    rspec-core (2.2.1)
    rspec-expectations (2.2.0)
      diff-lcs (~> 1.1.2)
    rspec-instafail (0.1.5)
    rspec-mocks (2.2.0)
    ruby-progressbar (0.0.9)

PLATFORMS
  ruby

DEPENDENCIES
  addressable (~> 2.2)
  fuubar (~> 0.0.2)
  rspec (~> 2.2)
  webbed!
