PATH
  remote: .
  specs:
    webbed (0.1.1)
      addressable (~> 2.2)

GEM
  remote: http://rubygems.org/
  specs:
    ZenTest (4.5.0)
    addressable (2.2.4)
    autotest (4.4.6)
      ZenTest (>= 4.4.1)
    minitest (2.0.2)
    mocha (0.9.12)

PLATFORMS
  ruby

DEPENDENCIES
  autotest (~> 4.4)
  minitest (~> 2.0)
  mocha (~> 0.9)
  webbed!
