PATH
  remote: .
  specs:
    webbed (0.1.1)
      addressable (~> 2.2)

GEM
  remote: http://rubygems.org/
  specs:
    addressable (2.2.0)
    derickbailey-notamock (0.0.1)
      rspec (>= 1.2.9)
    diff-lcs (1.1.2)
    rspec (2.0.0.beta.20)
      rspec-core (= 2.0.0.beta.20)
      rspec-expectations (= 2.0.0.beta.20)
      rspec-mocks (= 2.0.0.beta.20)
    rspec-core (2.0.0.beta.20)
    rspec-expectations (2.0.0.beta.20)
      diff-lcs (>= 1.1.2)
    rspec-mocks (2.0.0.beta.20)
    watchr (0.7)

PLATFORMS
  ruby

DEPENDENCIES
  addressable (~> 2.2)
  bundler (~> 1.0)
  derickbailey-notamock (~> 0.0.1)
  rspec (= 2.0.0.beta.20)
  watchr (~> 0.6)
  webbed!
